GEM
  remote: https://rubygems.org/
  specs:
    awesome_print (1.9.2)
    debug (1.6.2)
      irb (>= 1.3.6)
      reline (>= 0.3.1)
    digest (3.1.0)
    dotenv (2.8.1)
    io-console (0.5.11)
    irb (1.4.1)
      reline (>= 0.3.0)
    mail (2.7.1)
      mini_mime (>= 0.1.1)
    mini_mime (1.1.2)
    net-imap (0.2.3)
      digest
      net-protocol
      strscan
    net-pop (0.1.1)
      digest
      net-protocol
      timeout
    net-protocol (0.1.3)
      timeout
    net-smtp (0.3.1)
      digest
      net-protocol
      timeout
    nokogiri (1.13.8-x86_64-darwin)
      racc (~> 1.4)
    racc (1.6.0)
    rake (13.0.6)
    reline (0.3.1)
      io-console (~> 0.5)
    sqlite3 (1.5.0-x86_64-darwin)
    strscan (3.0.4)
    timeout (0.3.0)

PLATFORMS
  x86_64-darwin-21

DEPENDENCIES
  awesome_print
  debug
  dotenv
  mail
  net-imap
  net-pop
  net-smtp
  nokogiri
  rake
  sqlite3

BUNDLED WITH
   2.3.17
