GEM
  remote: https://rubygems.org/
  specs:
    awesome_print (1.8.0)
    coderay (1.1.3)
    dotenv (2.7.6)
    mail (2.7.1)
      mini_mime (>= 0.1.1)
    method_source (0.9.2)
    mini_mime (1.0.2)
    mini_portile2 (2.5.0)
    nokogiri (1.11.1)
      mini_portile2 (~> 2.5.0)
      racc (~> 1.4)
    pry (0.12.2)
      coderay (~> 1.1.0)
      method_source (~> 0.9.0)
    pry-nav (0.3.0)
      pry (>= 0.9.10, < 0.13.0)
    racc (1.5.2)
    rake (13.0.3)
    sqlite3 (1.4.2)

PLATFORMS
  ruby

DEPENDENCIES
  awesome_print
  dotenv
  mail
  nokogiri
  pry-nav
  rake
  sqlite3

BUNDLED WITH
   2.1.4
